GEM
  remote: http://rubygems.org/
  specs:
    algorithms (0.3.0)
    highline (1.6.2)
    mechanize (1.0.0)
      nokogiri (>= 1.2.1)
    nokogiri (1.5.0)

PLATFORMS
  ruby

DEPENDENCIES
  algorithms
  highline
  mechanize (= 1.0.0)
